GEM
  remote: https://rubygems.org/
  specs:
    aws-sdk (1.49.0)
      json (~> 1.4)
      nokogiri (>= 1.4.4)
    blankslate (2.1.2.4)
    classifier (1.3.4)
      fast-stemmer (>= 1.0.0)
    colorator (0.1)
    colored (1.2)
    commander (4.1.6)
      highline (~> 1.6.11)
    configure-s3-website (1.5.5)
      deep_merge (= 1.0.0)
    deep_merge (1.0.0)
    dotenv (0.11.1)
      dotenv-deployment (~> 0.0.2)
    dotenv-deployment (0.0.2)
    fast-stemmer (1.0.2)
    ffi (1.9.3)
    highline (1.6.21)
    jekyll (1.5.1)
      classifier (~> 1.3)
      colorator (~> 0.1)
      commander (~> 4.1.3)
      liquid (~> 2.5.5)
      listen (~> 1.3)
      maruku (= 0.7.0)
      pygments.rb (~> 0.5.0)
      redcarpet (~> 2.3.0)
      safe_yaml (~> 1.0)
      toml (~> 0.1.0)
    json (1.8.1)
    kramdown (1.4.0)
    liquid (2.5.5)
    listen (1.3.1)
      rb-fsevent (>= 0.9.3)
      rb-inotify (>= 0.9)
      rb-kqueue (>= 0.2)
    maruku (0.7.0)
    mini_portile (0.6.0)
    nokogiri (1.6.2.1)
      mini_portile (= 0.6.0)
    parslet (1.5.0)
      blankslate (~> 2.0)
    posix-spawn (0.3.8)
    pygments.rb (0.5.4)
      posix-spawn (~> 0.3.6)
      yajl-ruby (~> 1.1.0)
    rack (1.5.2)
    rack-jekyll (0.4.1)
      jekyll (>= 0.12.0, < 2.0)
      rack (~> 1.5.0)
    rake (10.3.2)
    rb-fsevent (0.9.4)
    rb-inotify (0.9.5)
      ffi (>= 0.5.0)
    rb-kqueue (0.2.3)
      ffi (>= 0.5.0)
    redcarpet (2.3.0)
    s3_website (2.2.0)
      colored (= 1.2)
      configure-s3-website (= 1.5.5)
      dotenv (~> 0.11.1)
      thor (= 0.18.1)
    safe_yaml (1.0.3)
    thor (0.18.1)
    toml (0.1.1)
      parslet (~> 1.5.0)
    yajl-ruby (1.1.0)

PLATFORMS
  ruby

DEPENDENCIES
  aws-sdk
  kramdown
  rack-jekyll
  rake
  s3_website
